GEM
  remote: https://rubygems.org/
  specs:
    ffi (1.9.0)
    launchpad (0.3.0)
      ffi
      portmidi (>= 0.0.6)
    mime-types (1.23)
    portmidi (0.0.6)
    rest-client (1.6.7)
      mime-types (>= 1.16)
    socketio-client (0.0.3)
      rest-client

PLATFORMS
  ruby

DEPENDENCIES
  launchpad
  socketio-client
