GEM
  remote: https://rubygems.org/
  specs:
    eventmachine (1.0.3)
    ffi (1.9.0)
    launchpad (0.3.0)
      ffi
      portmidi (>= 0.0.6)
    mime-types (1.23)
    nice-ffi (0.4)
      ffi (>= 0.5.0)
    portmidi (0.0.6)
    rake (10.0.4)
    rest-client (1.6.7)
      mime-types (>= 1.16)
    ruby-sdl-ffi (0.4)
      nice-ffi (>= 0.2)
    rubygame (2.6.4)
      rake (>= 0.7.0)
      ruby-sdl-ffi (>= 0.1.0)
    socketio-client (0.0.3)
      rest-client

PLATFORMS
  ruby

DEPENDENCIES
  eventmachine
  launchpad
  rubygame
  socketio-client
