GEM
  remote: https://rubygems.org/
  specs:
    addressable (2.3.4)
    em-websocket-client (0.1.1)
      eventmachine
      libwebsocket
    eventmachine (1.0.3)
    ffi (1.9.0)
    launchpad (0.3.0)
      ffi
      portmidi (>= 0.0.6)
    libwebsocket (0.1.8)
      addressable
      websocket
    portmidi (0.0.6)
    websocket (1.0.7)

PLATFORMS
  ruby

DEPENDENCIES
  em-websocket-client
  launchpad
