GEM
  remote: https://rubygems.org/
  specs:
    eventmachine (1.0.3)
    faye-websocket (0.6.1)
      eventmachine (>= 0.12.0)
      websocket-driver (>= 0.2.0)
    ffi (1.9.0)
    launchpad (0.3.0)
      ffi
      portmidi (>= 0.0.6)
    portmidi (0.0.6)
    websocket-driver (0.2.0)

PLATFORMS
  ruby

DEPENDENCIES
  faye-websocket
  launchpad
